PATH
  remote: .
  specs:
    td-querier (0.0.10)
      sidekiq (>= 2.7.2, < 6.5.0)
      td (~> 0.10.73)

GEM
  remote: http://rubygems.org/
  specs:
    connection_pool (2.2.5)
    diff-lcs (1.2.4)
    fluent-logger (0.6.3)
      msgpack (>= 0.5.6, < 2)
    hirb (0.7.3)
    httpclient (2.8.3)
    json (2.6.1)
    msgpack (0.5.12)
    parallel (0.6.5)
    rack (2.2.3)
    rake (10.0.4)
    redis (4.5.1)
    rspec (2.13.0)
      rspec-core (~> 2.13.0)
      rspec-expectations (~> 2.13.0)
      rspec-mocks (~> 2.13.0)
    rspec-core (2.13.1)
    rspec-expectations (2.13.0)
      diff-lcs (>= 1.1.3, < 2.0)
    rspec-mocks (2.13.1)
    rubyzip (0.9.9)
    sidekiq (6.4.0)
      connection_pool (>= 2.2.2)
      rack (~> 2.0)
      redis (>= 4.2.0)
    td (0.10.99)
      hirb (>= 0.4.5)
      msgpack (>= 0.4.4, < 0.6.0, != 0.5.3, != 0.5.2, != 0.5.1, != 0.5.0)
      parallel (~> 0.6.1)
      rubyzip (~> 0.9.9)
      td-client (~> 0.8.57)
      td-logger (~> 0.3.21)
      yajl-ruby (~> 1.1.0)
    td-client (0.8.85)
      httpclient (>= 2.7)
      json (>= 1.7.6)
      msgpack (>= 0.5.6, < 2)
    td-logger (0.3.27)
      fluent-logger (>= 0.5.0, < 2.0)
      msgpack (>= 0.5.6, < 2.0)
      td-client (>= 0.8.66, < 2.0)
    yajl-ruby (1.1.0)

PLATFORMS
  ruby

DEPENDENCIES
  rake
  rspec
  td-querier!
